PATH
  remote: .
  specs:
    omniauth-microsoft_v2_auth (0.1.3)
      omniauth-oauth2

GEM
  remote: https://rubygems.org/
  specs:
    faraday (1.1.0)
      multipart-post (>= 1.2, < 3)
      ruby2_keywords
    hashie (4.1.0)
    jwt (2.2.2)
    multi_json (1.15.0)
    multi_xml (0.6.0)
    multipart-post (2.1.1)
    oauth2 (1.4.4)
      faraday (>= 0.8, < 2.0)
      jwt (>= 1.0, < 3.0)
      multi_json (~> 1.3)
      multi_xml (~> 0.5)
      rack (>= 1.2, < 3)
    omniauth (1.9.1)
      hashie (>= 3.4.6)
      rack (>= 1.6.2, < 3)
    omniauth-oauth2 (1.7.0)
      oauth2 (~> 1.4)
      omniauth (~> 1.9)
    rack (2.2.3)
    ruby2_keywords (0.0.2)

PLATFORMS
  ruby
  x86-mingw32

DEPENDENCIES
  omniauth-microsoft_v2_auth!

BUNDLED WITH
   1.17.3
